GEM
  remote: http://rubygems.org/
  specs:
    activesupport (3.0.1)
    bson (1.1.1)
    bson_ext (1.1.1)
    builder (2.1.2)
    flickr_fu (0.3.0)
      mime-types (> 0.0.0)
      xml-magic (> 0.0.0)
    haml (3.0.23)
    hpricot (0.8.2)
    i18n (0.4.2)
    jnunemaker-validatable (1.8.4)
      activesupport (>= 2.3.4)
    kramdown (0.12.0)
    mime-types (1.16)
    mongo (1.1.1)
      bson (>= 1.1.1)
    mongo_mapper (0.8.6)
      activesupport (>= 2.3.4)
      jnunemaker-validatable (~> 1.8.4)
      plucky (~> 0.3.6)
    plucky (0.3.6)
      mongo (~> 1.1)
    rack (1.2.1)
    shotgun (0.8)
      rack (>= 1.0)
    sinatra (1.1.0)
      rack (~> 1.1)
      tilt (~> 1.1)
    tilt (1.1)
    xml-magic (0.1.1)

PLATFORMS
  ruby

DEPENDENCIES
  bson_ext
  builder (~> 2.0)
  flickr_fu
  haml
  hpricot
  i18n
  kramdown
  mongo_mapper
  shotgun
  sinatra
